PATH
  remote: .
  specs:
    eks-in-a-box (1.0.dev)

GEM
  remote: https://rubygems.org/
  specs:
    minitest (5.11.3)
    rake (10.5.0)

PLATFORMS
  ruby

DEPENDENCIES
  bundler (~> 1.17)
  eks-in-a-box!
  minitest (~> 5.0)
  rake (~> 10.0)

BUNDLED WITH
   1.17.0
